GEM
  remote: https://rubygems.org/
  specs:
    concurrent-ruby (1.2.2)
    deep_merge (1.2.2)
    diff-lcs (1.2.5)
    facter (4.4.3)
      hocon (~> 1.3)
      sys-filesystem (~> 1.3)
      thor (>= 1.0.1, < 2.0)
    fast_gettext (2.3.0)
    ffi (1.15.5)
    hocon (1.4.0)
    locale (2.1.3)
    metaclass (0.0.4)
    mocha (1.1.0)
      metaclass (~> 0.0.1)
    multi_json (1.15.0)
    puppet (8.2.0)
      concurrent-ruby (~> 1.0)
      deep_merge (~> 1.0)
      facter (>= 4.3.0, < 5)
      fast_gettext (>= 2.1, < 3)
      locale (~> 2.1)
      multi_json (~> 1.13)
      puppet-resource_api (~> 1.5)
      scanf (~> 1.0)
      semantic_puppet (~> 1.0)
    puppet-lint (1.1.0)
    puppet-resource_api (1.9.0)
      hocon (>= 1.0)
    puppet-syntax (2.0.0)
      rake
    puppetlabs_spec_helper (0.10.3)
      mocha
      puppet-lint
      puppet-syntax
      rake
      rspec-puppet
    rake (10.4.2)
    rspec (3.3.0)
      rspec-core (~> 3.3.0)
      rspec-expectations (~> 3.3.0)
      rspec-mocks (~> 3.3.0)
    rspec-core (3.3.1)
      rspec-support (~> 3.3.0)
    rspec-expectations (3.3.0)
      diff-lcs (>= 1.2.0, < 2.0)
      rspec-support (~> 3.3.0)
    rspec-mocks (3.3.1)
      diff-lcs (>= 1.2.0, < 2.0)
      rspec-support (~> 3.3.0)
    rspec-puppet (2.2.0)
      rspec
    rspec-support (3.3.0)
    scanf (1.0.0)
    semantic_puppet (1.1.0)
    sys-filesystem (1.4.4)
      ffi (~> 1.1)
    thor (1.2.2)

PLATFORMS
  ruby

DEPENDENCIES
  facter (>= 1.7.0)
  puppet (>= 3.3)
  puppet-lint (>= 1.0.0)
  puppetlabs_spec_helper (>= 0.8.2)

BUNDLED WITH
   2.4.19
